GEM
  remote: https://rubygems.org/
  specs:
    hike (1.2.3)
    json (1.8.1)
    multi_json (1.9.2)
    opal (0.6.0)
      source_map
      sprockets
    opal-jquery (0.2.0)
      opal (>= 0.5.0, < 1.0.0)
    rack (1.5.2)
    rake (10.2.2)
    source_map (3.0.1)
      json
    sprockets (2.12.0)
      hike (~> 1.2)
      multi_json (~> 1.0)
      rack (~> 1.0)
      tilt (~> 1.1, != 1.3.0)
    tilt (1.4.1)

PLATFORMS
  ruby

DEPENDENCIES
  opal (~> 0.6.0)
  opal-jquery
  rake
